GEM
  remote: http://rubygems.org/
  specs:
    ffi (1.0.11)
    ffi-rzmq (0.9.3)
      ffi
    foreman (0.46.0)
      thor (>= 0.13.6)
    thor (0.15.2)
    yajl-ruby (1.1.0)

PLATFORMS
  ruby

DEPENDENCIES
  ffi-rzmq
  foreman
  yajl-ruby
