GEM
  remote: http://rubygems.org/
  specs:
    archive-tar-minitar (0.5.2)
    childprocess (0.3.2)
      ffi (~> 1.0.6)
    erubis (2.7.0)
    ffi (1.0.11)
    ffi-rzmq (0.9.3)
      ffi
    foreman (0.46.0)
      thor (>= 0.13.6)
    i18n (0.6.0)
    json (1.5.4)
    log4r (1.1.10)
    net-scp (1.0.4)
      net-ssh (>= 1.99.1)
    net-ssh (2.2.2)
    thor (0.15.2)
    vagrant (1.0.3)
      archive-tar-minitar (= 0.5.2)
      childprocess (~> 0.3.1)
      erubis (~> 2.7.0)
      i18n (~> 0.6.0)
      json (~> 1.5.1)
      log4r (~> 1.1.9)
      net-scp (~> 1.0.4)
      net-ssh (~> 2.2.2)
    yajl-ruby (1.1.0)

PLATFORMS
  ruby

DEPENDENCIES
  ffi-rzmq
  foreman
  vagrant
  yajl-ruby
