GEM
  remote: http://rubygems.org/
  specs:
    activesupport (3.2.8)
      i18n (~> 0.6)
      multi_json (~> 1.0)
    commander (4.1.2)
      highline (~> 1.6.11)
    diff-lcs (1.1.3)
    facets (2.9.3)
    grit (2.5.0)
      diff-lcs (~> 1.1)
      mime-types (~> 1.15)
      posix-spawn (~> 0.3.6)
    highline (1.6.15)
    httparty (0.8.3)
      multi_json (~> 1.0)
      multi_xml
    i18n (0.6.1)
    microcloud (1.2.7)
      activesupport (~> 3.2.6)
      commander (~> 4.1.2)
      facets (~> 2.9.3)
      httparty (~> 0.8.3)
      terminal-table (~> 1.4.4)
      yajl-ruby (~> 1.1.0)
    mime-types (1.19)
    multi_json (1.3.6)
    multi_xml (0.5.1)
    open4 (1.3.0)
    posix-spawn (0.3.6)
    rspec (2.11.0)
      rspec-core (~> 2.11.0)
      rspec-expectations (~> 2.11.0)
      rspec-mocks (~> 2.11.0)
    rspec-core (2.11.1)
    rspec-expectations (2.11.3)
      diff-lcs (~> 1.1.3)
    rspec-mocks (2.11.3)
    terminal-table (1.4.5)
    yajl-ruby (1.1.0)

PLATFORMS
  ruby

DEPENDENCIES
  facets
  grit
  microcloud
  open4
  rspec
  yajl-ruby
